GIT
  remote: git://github.com/sinatra/sinatra.git
  revision: d52b75d8a5e6c373750540bb70cc22ba84a64de5
  specs:
    sinatra (1.4.5)
      rack (~> 1.4)
      rack-protection (~> 1.4)
      tilt (~> 1.3, >= 1.3.4)

GEM
  remote: https://rubygems.org/
  specs:
    awesome_print (1.2.0)
    byebug (2.7.0)
      columnize (~> 0.3)
      debugger-linecache (~> 1.2)
    coderay (1.1.0)
    columnize (0.8.9)
    debugger-linecache (1.2.0)
    libxml-ruby (2.6.0)
    macaddr (1.7.1)
      systemu (~> 2.6.2)
    method_source (0.8.2)
    mini_portile (0.6.0)
    mixpanel-ruby (1.3.0)
    nokogiri (1.6.2.1)
      mini_portile (= 0.6.0)
    pry (0.9.12.6)
      coderay (~> 1.0)
      method_source (~> 0.8)
      slop (~> 3.4)
    pry-byebug (1.3.2)
      byebug (~> 2.7)
      pry (~> 0.9.12)
    rack (1.5.2)
    rack-protection (1.5.3)
      rack
    ratom (0.8.2)
      libxml-ruby (~> 2.6.0)
    slop (3.5.0)
    systemu (2.6.4)
    tilt (1.4.1)
    uuid (2.3.7)
      macaddr (~> 1.0)

PLATFORMS
  ruby

DEPENDENCIES
  awesome_print
  mixpanel-ruby
  nokogiri
  pry-byebug
  rack
  ratom
  sinatra!
  uuid
